GIT
  remote: git://github.com/brodock/sinatra-static-assets.git
  revision: 89a1da46855334915f644676a0e20f481801f766
  specs:
    sinatra-static-assets (1.0.2)
      sinatra (>= 1.1.0)

GEM
  remote: http://rubygems.org/
  specs:
    r18n-core (0.4.14)
    rack (1.4.1)
    rack-protection (1.2.0)
      rack
    shotgun (0.9)
      rack (>= 1.0)
    sinatra (1.3.2)
      rack (~> 1.3, >= 1.3.6)
      rack-protection (~> 1.2)
      tilt (~> 1.3, >= 1.3.3)
    sinatra-r18n (0.4.14)
      r18n-core (= 0.4.14)
      sinatra (>= 1.3)
    tilt (1.3.3)

PLATFORMS
  ruby

DEPENDENCIES
  shotgun
  sinatra
  sinatra-r18n
  sinatra-static-assets!
