GIT
  remote: git://github.com/brodock/sinatra-static-assets.git
  revision: 06b0cb5ffe85a9de1de2e973059b622d3fafe02a
  specs:
    sinatra-static-assets (1.0.2.1)
      sinatra (>= 1.1.0)

GEM
  remote: https://rubygems.org/
  specs:
    capistrano (2.15.5)
      highline
      net-scp (>= 1.0.0)
      net-sftp (>= 2.0.0)
      net-ssh (>= 2.0.14)
      net-ssh-gateway (>= 1.1.0)
    highline (1.6.19)
    net-scp (1.1.2)
      net-ssh (>= 2.6.5)
    net-sftp (2.1.2)
      net-ssh (>= 2.6.5)
    net-ssh (2.6.8)
    net-ssh-gateway (1.2.0)
      net-ssh (>= 2.6.5)
    puma (2.5.1)
      rack (>= 1.1, < 2.0)
    r18n-core (1.1.6)
    rack (1.5.2)
    rack-protection (1.5.0)
      rack
    sinatra (1.4.3)
      rack (~> 1.4)
      rack-protection (~> 1.4)
      tilt (~> 1.3, >= 1.3.4)
    sinatra-r18n (1.1.6)
      r18n-core (= 1.1.6)
      sinatra (>= 1.3)
    tilt (1.4.1)

PLATFORMS
  ruby

DEPENDENCIES
  capistrano
  puma
  sinatra
  sinatra-r18n
  sinatra-static-assets!
