GIT
  remote: git://github.com/brodock/sinatra-static-assets.git
  revision: 89a1da46855334915f644676a0e20f481801f766
  specs:
    sinatra-static-assets (1.0.2)
      sinatra (>= 1.1.0)

GEM
  remote: http://rubygems.org/
  specs:
    capistrano (2.12.0)
      highline
      net-scp (>= 1.0.0)
      net-sftp (>= 2.0.0)
      net-ssh (>= 2.0.14)
      net-ssh-gateway (>= 1.1.0)
    highline (1.6.13)
    net-scp (1.0.4)
      net-ssh (>= 1.99.1)
    net-sftp (2.0.5)
      net-ssh (>= 2.0.9)
    net-ssh (2.5.2)
    net-ssh-gateway (1.1.0)
      net-ssh (>= 1.99.1)
    puma (1.4.0)
      rack (~> 1.2)
    r18n-core (0.4.14)
    rack (1.4.1)
    rack-protection (1.2.0)
      rack
    rvm-capistrano (1.2.2)
      capistrano (>= 2.0.0)
    sinatra (1.3.2)
      rack (~> 1.3, >= 1.3.6)
      rack-protection (~> 1.2)
      tilt (~> 1.3, >= 1.3.3)
    sinatra-r18n (0.4.14)
      r18n-core (= 0.4.14)
      sinatra (>= 1.3)
    tilt (1.3.3)

PLATFORMS
  ruby

DEPENDENCIES
  capistrano
  puma
  rvm-capistrano
  sinatra
  sinatra-r18n
  sinatra-static-assets!
