GIT
  remote: git://github.com/brodock/sinatra-static-assets.git
  revision: 06b0cb5ffe85a9de1de2e973059b622d3fafe02a
  specs:
    sinatra-static-assets (1.0.2.1)
      sinatra (>= 1.1.0)

GEM
  remote: https://rubygems.org/
  specs:
    capistrano (3.1.0)
      i18n
      rake (>= 10.0.0)
      sshkit (~> 1.3)
    capistrano-bundler (1.1.1)
      capistrano (~> 3.0)
      sshkit (>= 1.2.0)
    capistrano-rails (1.1.1)
      capistrano (~> 3.1)
      capistrano-bundler (~> 1.1)
    coffee-script (2.2.0)
      coffee-script-source
      execjs
    coffee-script-source (1.7.0)
    execjs (2.0.2)
    hike (1.2.3)
    i18n (0.6.9)
    multi_json (1.9.0)
    net-scp (1.1.2)
      net-ssh (>= 2.6.5)
    net-ssh (2.8.0)
    puma (2.8.1)
      rack (>= 1.1, < 2.0)
    r18n-core (1.1.8)
    rack (1.5.2)
    rack-protection (1.5.2)
      rack
    rake (10.1.1)
    sass (3.3.0)
      rake
    sinatra (1.4.4)
      rack (~> 1.4)
      rack-protection (~> 1.4)
      tilt (~> 1.3, >= 1.3.4)
    sinatra-asset-pipeline (0.3.3)
      coffee-script
      rake
      sass
      sinatra
      sprockets
      sprockets-helpers
      sprockets-sass
    sinatra-r18n (1.1.8)
      r18n-core (= 1.1.8)
      sinatra (>= 1.3)
    sprockets (2.11.0)
      hike (~> 1.2)
      multi_json (~> 1.0)
      rack (~> 1.0)
      tilt (~> 1.1, != 1.3.0)
    sprockets-helpers (1.1.0)
      sprockets (~> 2.0)
    sprockets-sass (1.0.3)
      sprockets (~> 2.0)
      tilt (~> 1.1)
    sshkit (1.3.0)
      net-scp (>= 1.1.2)
      net-ssh
      term-ansicolor
    term-ansicolor (1.3.0)
      tins (~> 1.0)
    tilt (1.4.1)
    tins (1.0.0)

PLATFORMS
  ruby

DEPENDENCIES
  capistrano (~> 3.1)
  capistrano-bundler (~> 1.1)
  capistrano-rails
  puma
  sinatra
  sinatra-asset-pipeline
  sinatra-r18n
  sinatra-static-assets!
